GIT
  remote: git://github.com/cloudzilla/rest-client.git
  revision: f0c0179403458a16db783ff22cc635a0b0e0f55b
  specs:
    rest-client (1.6.3)
      mime-types (>= 1.16)

GEM
  remote: http://rubygems.org/
  specs:
    activesupport (3.0.9)
    app (1.0.3)
    diff-lcs (1.1.2)
    git (1.2.5)
    jeweler (1.6.4)
      bundler (~> 1.0)
      git (>= 1.2.5)
      rake
    libxml-ruby (0.9.7)
    mime-types (1.16)
    rake (0.9.2)
    rcov (0.9.9)
    rspec (2.3.0)
      rspec-core (~> 2.3.0)
      rspec-expectations (~> 2.3.0)
      rspec-mocks (~> 2.3.0)
    rspec-core (2.3.1)
    rspec-expectations (2.3.0)
      diff-lcs (~> 1.1.2)
    rspec-mocks (2.3.0)
    yard (0.6.8)

PLATFORMS
  ruby

DEPENDENCIES
  activesupport (>= 3.0.0)
  app
  bundler (~> 1.0.0)
  jeweler (~> 1.6.3)
  libxml-ruby (= 0.9.7)
  rcov
  rest-client!
  rspec (~> 2.3.0)
  yard (~> 0.6.0)
